GEM
  remote: https://rubygems.org/
  specs:
    backports (3.11.4)
    bond (0.5.1)
    daru (0.2.1)
      backports
      packable (~> 1.3.9)
    data_uri (0.1.0)
    distribution (0.7.3)
    gsl (2.1.0.3)
    iruby (0.3)
      bond (~> 0.5)
      data_uri (~> 0.1)
      mimemagic (~> 0.3)
      multi_json (~> 1.11)
    mimemagic (0.3.2)
    multi_json (1.13.1)
    nyaplot (0.1.6)
    packable (1.3.9)
      backports
    power_assert (1.1.3)
    pycall (1.0.3)
    rb-gsl (1.16.0.6)
      gsl
    rbczmq (1.7.9)
    sqlite3 (1.3.13)
    test-unit (3.2.8)
      power_assert

PLATFORMS
  ruby

DEPENDENCIES
  daru!
  distribution!
  iruby!
  nyaplot!
  pycall!
  rb-gsl!
  rbczmq!
  sqlite3!
  test-unit!

BUNDLED WITH
   1.16.4
